GEM
  remote: https://rubygems.org/
  specs:
    faraday (2.9.0)
      faraday-net_http (>= 2.0, < 3.2)
    faraday-net_http (3.1.0)
      net-http
    net-http (0.4.1)
      uri
    nokogiri (1.16.2-aarch64-linux)
      racc (~> 1.4)
    racc (1.7.3)
    uri (0.13.0)

PLATFORMS
  aarch64-linux

DEPENDENCIES
  faraday
  nokogiri

BUNDLED WITH
   2.5.5
